GEM
  remote: https://rubygems.org/
  specs:
    clipboard (1.1.1)
    concurrent-ruby (1.0.5)
    concurrent-ruby (1.0.5-java)
    connection_pool (2.2.1)
    ffi (1.9.21-java)
    ffi (1.9.21-x64-mingw32)
    fxruby (1.6.39)
      mini_portile2 (~> 2.1)
    fxruby (1.6.39-x64-mingw32)
      mini_portile2 (~> 2.1)
    logger (1.2.8)
    mini_portile2 (2.3.0)
    nokogiri (1.8.2-java)
    nokogiri (1.8.2-x64-mingw32)
      mini_portile2 (~> 2.3.0)
    roo (2.7.1)
      nokogiri (~> 1)
      rubyzip (~> 1.1, < 2.0.0)
    roo-xls (1.1.0)
      nokogiri
      roo (>= 2.0.0beta1, < 3)
      spreadsheet (> 0.9.0)
    ruby-ole (1.2.12.1)
    rubyzip (1.2.1)
    spreadsheet (1.1.5)
      ruby-ole (>= 1.0)
    tiny_tds (2.1.1)
    tiny_tds (2.1.1-x64-mingw32)

PLATFORMS
  java
  x64-mingw32

DEPENDENCIES
  clipboard
  concurrent-ruby
  connection_pool
  ffi
  fxruby
  logger
  roo
  roo-xls
  tiny_tds

BUNDLED WITH
   1.16.1
