GEM
  remote: https://rubygems.org/
  specs:
    clipboard (1.1.1)
    jdbc-mysql (5.1.44)
    jruby-jars (1.7.18)
    nokogiri (1.8.1-java)
    puck (1.2.5-java)
    roo (2.7.1)
      nokogiri (~> 1)
      rubyzip (~> 1.1, < 2.0.0)
    roo-xls (1.1.0)
      nokogiri
      roo (>= 2.0.0beta1, < 3)
      spreadsheet (> 0.9.0)
    ruby-ole (1.2.12.1)
    rubyzip (1.2.1)
    spreadsheet (1.1.5)
      ruby-ole (>= 1.0)

PLATFORMS
  java

DEPENDENCIES
  clipboard
  jdbc-mysql
  jruby-jars (= 1.7.18)
  puck
  roo
  roo-xls

BUNDLED WITH
   1.16.1
