GEM
  remote: https://rubygems.org/
  specs:
    clipboard (1.1.1)
    jdbc-mysql (5.1.44)
    mini_portile2 (2.3.0)
    nokogiri (1.8.1-java)
    nokogiri (1.8.1-x64-mingw32)
      mini_portile2 (~> 2.3.0)
    ocra (1.3.10)
    roo (2.7.1)
      nokogiri (~> 1)
      rubyzip (~> 1.1, < 2.0.0)
    roo-xls (1.1.0)
      nokogiri
      roo (>= 2.0.0beta1, < 3)
      spreadsheet (> 0.9.0)
    ruby-ole (1.2.12.1)
    rubyzip (1.2.1)
    shoes (3.0.1)
    spreadsheet (1.1.5)
      ruby-ole (>= 1.0)

PLATFORMS
  java
  x64-mingw32

DEPENDENCIES
  clipboard
  jdbc-mysql
  ocra
  roo
  roo-xls
  shoes

BUNDLED WITH
   1.16.1
